GEM
  remote: http://rubygems.org/
  specs:
    bottles (1.1.0.499)
    fubudocs (0.9.0.50048)
    fuburake (0.5.0.21)
      bottles (~> 1.0)
      fubudocs (>= 0.5)
      ripple-cli (~> 2.0)
    rake (10.0.3)
    ripple-cli (2.0.0.102)

PLATFORMS
  x86-mingw32

DEPENDENCIES
  bundler (>= 1.3.5)
  fuburake (~> 0.5)
  rake (~> 10.0)
  ripple-cli (~> 2.0)
